GIT
  remote: https://github.com/mlintern/nretnil-fake-data
  revision: 9855bd572740da98de82828a37d727bfd271b7f3
  specs:
    nretnil-fake-data (0.0.1)

GEM
  remote: https://rubygems.org/
  specs:

PLATFORMS
  ruby

DEPENDENCIES
  nretnil-fake-data!
